##TITLE=Parameter List, ParaVision 6.0.1
##JCAMPDX=4.24
##DATATYPE=Parameter Values
##ORIGIN=Bruker BioSpin MRI GmbH
##OWNER=imaging
$$ 2019-05-28 15:26:46.766 +0200  imaging@rabi
$$ /opt/PV6.0.1/data/imaging/20190528_101304_HM_training_GAG_DF_2_1_46/18/visu_pars
$$ process /opt/PV6.0.1/prog/mod/acq_out
##$VisuVersion=3
##$VisuUid=( 65 )
<2.16.756.5.5.100.8323328.84090.1559050006.1>
##$VisuCreator=( 65 )
<ParaVision>
##$VisuCreatorVersion=( 65 )
<6.0.1>
##$VisuCreationDate=<2019-05-28T15:26:46,708+0200>
##$VisuInstanceModality=( 65 )
<MR>
##$VisuCoreFrameCount=52
##$VisuCoreDim=2
##$VisuCoreSize=( 2 )
32 32
##$VisuCoreDimDesc=( 2 )
spatial spatial
##$VisuCoreExtent=( 2 )
12 12
##$VisuCoreFrameThickness=( 1 )
20
##$VisuCoreUnits=( 2, 65 )
<mm> <mm>
##$VisuCoreOrientation=( 1, 9 )
1 0 0 0 1 0 0 0 1
##$VisuCorePosition=( 1, 3 )
-6 -6 1.5
##$VisuCoreDataMin=( 52 )
108.770763924931 35.9714863845563 35.6598655675595 122.20164212316 
41.5978324253538 106.798674427801 13.3663464270929 256.246231399277 
49.90220478009 30.2894309346799 37.6066317851824 56.4083904463243 
77.5979339883466 46.9114544309058 75.628518417434 29.3628998799022 
76.7864725134818 45.0725074711797 43.9201796372517 116.445254274296 
131.143506372423 101.77216976116 44.4106952385644 101.004972352567 
116.028584472796 126.487160079173 77.6873877054453 115.679693957265 
128.086495711019 33.9971544844287 172.692992445483 81.6771300199821 
73.4449969381108 163.051357468284 82.3240178977562 210.649018120168 
83.8797002446942 57.4945305114365 96.5598031032695 124.64322046133 
86.0107327583878 66.8589672861898 53.8280498671251 99.5296549111011 
82.7000941369386 84.4264768482117 99.8280650895143 90.8503665839858 
69.3253973119525 38.8152574969083 87.1235891262971 36.4445438132348
##$VisuCoreDataMax=( 52 )
27173.9760163738 27244.5596139226 28634.4373289278 30976.4754588063 
25884.1039045999 28729.9090980282 31985.9630714611 27920.1317456892 
28127.4698068755 27858.0871369439 30200.329910349 30496.1972978152 
26717.7562424361 28921.2955280505 29046.70801561 29941.4152922951 
26750.7952003773 31293.4655478134 32766.5 29310.773558251 29665.5648399847 
31199.4683523939 28001.7866520227 29105.264631088 28290.0170190759 
27354.8308541443 27337.9846088817 30341.5333316088 31263.2223180774 
32275.7751882229 29063.0590184943 28719.0037748274 27767.9396549617 
27889.3700786245 29649.8994018873 25975.4431262471 25773.7754414693 
29034.9426125135 29395.5823930793 31739.8758950113 31678.6300113371 
31850.951214746 25565.3648172979 30530.6508973412 27178.2690189108 
28422.5090434121 28508.4228714187 27928.075005775 28374.5085186182 
28788.1762515679 28288.3371031751 30381.4117084404
##$VisuCoreDataOffs=( 52 )
0 0 0 0 0 0 0 0 0 0 0 0 0 0 0 0 0 0 0 0 0 0 0 0 0 0 0 0 0 0 0 0 0 0 0 0 0 0 0 
0 0 0 0 0 0 0 0 0 0 0 0 0
##$VisuCoreDataSlope=( 52 )
0.00260365152489488 0.00260365152489488 0.00260365152489488 
0.00260365152489488 0.00260365152489488 0.00260365152489488 
0.00260365152489488 0.00260365152489488 0.00260365152489488 
0.00260365152489488 0.00260365152489488 0.00260365152489488 
0.00260365152489488 0.00260365152489488 0.00260365152489488 
0.00260365152489488 0.00260365152489488 0.00260365152489488 
0.00260365152489488 0.00260365152489488 0.00260365152489488 
0.00260365152489488 0.00260365152489488 0.00260365152489488 
0.00260365152489488 0.00260365152489488 0.00260365152489488 
0.00260365152489488 0.00260365152489488 0.00260365152489488 
0.00260365152489488 0.00260365152489488 0.00260365152489488 
0.00260365152489488 0.00260365152489488 0.00260365152489488 
0.00260365152489488 0.00260365152489488 0.00260365152489488 
0.00260365152489488 0.00260365152489488 0.00260365152489488 
0.00260365152489488 0.00260365152489488 0.00260365152489488 
0.00260365152489488 0.00260365152489488 0.00260365152489488 
0.00260365152489488 0.00260365152489488 0.00260365152489488 
0.00260365152489488
##$VisuCoreFrameType=( 1 )
MAGNITUDE_IMAGE
##$VisuCoreWordType=_16BIT_SGN_INT
##$VisuCoreByteOrder=littleEndian
##$VisuFGOrderDescDim=1
##$VisuFGOrderDesc=( 1 )
(52, <FG_CYCLE>, <>, 0, 0)
##$VisuGroupDepVals=( 1 )
(<>, 0)
##$VisuSubjectName=( 65 )
<Solution A>
##$VisuSubjectId=( 65 )
<HM_training_GAG_DF_2>
##$VisuSubjectUid=( 65 )
<2.16.756.5.5.100.1606610305.12259.1515576656.61>
##$VisuSubjectInstanceCreationDate=(1515576656, 376, 60)
##$VisuSubjectBirthDate=( 9 )
<20190528>
##$VisuSubjectSex=UNDEFINED
##$VisuSubjectType=Other
##$VisuStudyUid=( 65 )
<2.16.756.5.5.100.8323328.46153.1559031184.16143>
##$VisuStudyDate=<2019-05-28T10:13:04,111+0200>
##$VisuStudyId=( 65 )
<VFA_keyhole_with_PS_10>
##$VisuStudyNumber=46
##$VisuSubjectWeight=0.001
##$VisuStudyReferringPhysician=( 65 )
<imaging>
##$VisuStudyDescription=( 2048 )
<\
>
##$VisuExperimentNumber=18
##$VisuProcessingNumber=1
##$VisuSeriesDate=<2019-05-28T15:26:46,708+0200>
##$VisuSubjectPosition=Head_Supine
##$VisuSeriesTypeId=( 65 )
<ACQ_USER_PVM>
##$VisuSeriesComment=( 65 )
<ref_img_offres_50avg>
##$VisuManufacturer=( 65 )
<Bruker BioSpin MRI GmbH>
##$VisuAcqSoftwareVersion=( 65 )
<6.0.1>
##$VisuInstitution=( 65 )
<Bruker>
##$VisuStation=( 65 )
<CABINET 400 HD X WB>
##$VisuSystemOrderNumber=( 65 )
<10238942>
##$VisuAcqDate=<2019-05-28T15:02:09,659+0200>
##$VisuAcqEchoTrainLength=1
##$VisuAcqSequenceName=( 40 )
<User:vfaFLASH_CEST>
##$VisuAcqNumberOfAverages=1
##$VisuAcqImagingFrequency=110.706337
##$VisuAcqImagedNucleus=( 8 )
<129Xe>
##$VisuAcqRepetitionTime=( 1 )
12.159321238785
##$VisuAcqPhaseEncSteps=32
##$VisuAcqPixelBandwidth=125
##$VisuAcqFlipAngle=30
##$VisuAcqSize=( 2 )
32 32
##$VisuAcqImageSizeAccellerated=No
##$VisuAcqGradEncoding=( 2 )
read_enc phase_enc
##$VisuAcqEchoTime=( 1 )
5.60757602724843
##$VisuAcquisitionProtocol=( 65 )
<vfaFLASH_CEST>
##$VisuAcqScanTime=1476508.97054134
##$VisuAcqAntiAlias=( 2 )
1 1
##$VisuAcqEchoSequenceType=GradientEcho
##$VisuAcqSpinsVelocityEncoded=No
##$VisuAcqHasTimeOfFlightContrast=No
##$VisuAcqIsEpiSequence=No
##$VisuAcqSpectralSuppression=NoSuppression
##$VisuAcqKSpaceTraversal=RectilinearTraversal
##$VisuAcqEncodingOrder=( 2 )
LinearEncoding CentricEncoding
##$VisuAcqKSpaceTrajectoryCnt=1
##$VisuAcqKSpaceFiltering=( 2 )
NO_WDW NO_WDW
##$VisuAcqFlowCompensation=FlowNone
##$VisuAcqSpoiling=GradientSpoiled
##$VisuAcqPartialFourier=( 2 )
1 1
##$VisuAcqParallelReductionFactor=( 2 )
1 1
##$VisuAcqMagnetizationTransfer=No
##$VisuAcqBloodSignalNulling=No
##$VisuCardiacSynchUsed=No
##$VisuRespSynchUsed=No
##END=
$$ File finished by PARX at 2019-05-28 15:26:46.767 +0200
