##TITLE=Parameter List, ParaVision 6.0.1
##JCAMPDX=4.24
##DATATYPE=Parameter Values
##ORIGIN=Bruker BioSpin MRI GmbH
##OWNER=imaging
$$ 2018-09-17 13:41:12.626 +0200  imaging@rabi
$$ /opt/PV6.0.1/conf/instr/spect/specpar
$$ process /opt/PV6.0.1/prog/mod/pvsysman
##$ANCIEN=0 0 0 0 0 0 0 0
##$BF1=100.13
##$BF2=100.13
##$BF3=100.13
##$DEC=1
##$DECB=1
##$DEF19F=1
##$DEFRSEL=1
##$HPMOD=0 0 0 0 0 0 0 0
##$HPPRECH=-1 -1 -1 -1 -1 -1 -1 -1 -1 -1 -1 -1 -1 -1 -1 -1
##$LOCSW2H=-1
##$NUC1=<1>
##$NUC2=<1>
##$NUC3=<1>
##$NUC4=<1>
##$NUC5=<1>
##$NUC6=<1>
##$NUC7=<1>
##$NUC8=<1>
##$NUCARR=100 100 100 100 100 100 100 100 100 100 100 100 100 100 100 100 100 
100 100 100 100 100 100 100 100 100 100 100 100 100 100 100 100 100 100 100 
100 100 100 100 100 100 100 100 100 100 100 100 100 100 100 100 100 100 100 
100 100 100 100 100 100 100 100 100 100 100 100 100 100 100 100 100 100 100 
100 100 100 100 100 100 100 100 100 100 100 100 100 100 100 100 100 100 100 
100 100 100 100 100 100 100 100 100 100 100 100 100 100 100 100 100 100 100 
100 100 100 100 100 100 100 100 100 100 100 100
##$OBS=1
##$OFFSF=0 0 0 0 0 0 0 0
##$OFFSH=0 0 0 0 0 0 0 0
##$OFFSX=0 0 0 0 0 0 0 0
##$OFFSXAS=0 0 0 0 0 0 0 0
##$OFSF1=0
##$OFSF2=0
##$OFSH1=0
##$OFSH2=0
##$OFSH3=0
##$OFSX1=0
##$OFSX2=0
##$OFSY=0
##$PACOIL=0 0 0 0 0 0 0 0 0 0 0 0 0 0 0 0
##$PRECHAN=-1 1 0 -1 -1 -1 -1 -1 -1 -1 -1 -1 -1 -1 -1 -1
##$RECPRE=-1 0 -1 -1 -1 -1 -1 -1 -1 -1 -1 -1 -1 -1 -1 -1
##$RECSEL=0 0 1 0 0 0 0 0 0 0 0 0 0 0 0 0
##$SELREC=0 0 0 0 0 0 0 0 0 0
##$SFO1=500.13
##$SFO2=500.13
##$SFO3=500.13
##$SFO4=500.13
##$SFO5=500.13
##$SFO6=500.13
##$SFO7=500.13
##$SFO8=500.13
##END=
