##TITLE=Parameter List, ParaVision 6.0.1
##JCAMPDX=4.24
##DATATYPE=Parameter Values
##ORIGIN=Bruker BioSpin MRI GmbH
##OWNER=imaging
$$ 2019-05-28 11:57:10.323 +0200  imaging@rabi
$$ /opt/PV6.0.1/data/imaging/20190528_101304_HM_training_GAG_DF_2_1_46/7/pdata/1/reco
$$ process /opt/PV6.0.1/prog/bin/parxserver
##$RECO_mode=USER_MODE
##$RecoAutoDerive=No
##$RecoDim=2
##$RecoObjectsPerRepetition=1
##$RecoObjectsPerSetupStep=1
$$ @vis= RECO_mode RecoAutoDerive RecoDim RecoObjectsPerRepetition
##$RecoNumRepetitions=35
##$RECO_inp_order=NO_REORDERING
##$RECO_inp_size=( 2 )
32 32
$$ @vis= RecoObjectsPerSetupStep RecoNumRepetitions RECO_inp_order
##$RECO_ft_size=( 2 )
32 32
##$RECO_fov=( 2 )
1.2 1.2
##$RECO_size=( 2 )
32 32
##$RECO_offset=( 2, 1 )
0 0
##$RECO_regrid_mode=NO_REGRID
##$RECO_regrid_offset=0
##$RECO_ramp_gap=0
##$RECO_ramp_time=0
##$RECO_ne_mode=NO_NAV_DATA
##$RECO_ne_dist=NeNoInterleave
##$RECO_ne_dens=NeCorrPerScan
##$RECO_ne_type=NAV_PHASE
##$RECO_bc_mode=( 2 )
NO_BC NO_BC
##$RECO_bc_start=( 2 )
24 24
##$RECO_bc_len=( 2 )
8 8
##$RECO_dc_offset=( 2 )
0 0
##$RECO_dc_divisor=1
##$RECO_bc_coroff=( 2 )
0 0
##$RECO_qopts=( 2 )
COMPLEX_CONJUGATE NO_QOPTS
##$RECO_wdw_mode=( 2 )
NO_WDW NO_WDW
$$ @vis= RECO_inp_size RECO_ft_size RECO_fov RECO_size RECO_ne_mode
##$RECO_lb=( 2 )
-0.5 -0.5
##$RECO_sw=( 2 )
4000 1
##$RECO_gb=( 2 )
0.5 0.5
##$RECO_sbs=( 2 )
1 1
##$RECO_tm1=( 2 )
0.25 0.25
##$RECO_tm2=( 2 )
0.75 0.75
##$RECO_ft_mode=( 2 )
COMPLEX_FT COMPLEX_FT
##$RECO_pc_mode=( 2 )
FIRST_ORDER_PC FIRST_ORDER_PC
##$RECO_pc_lin=( 2 )
(0, 180) (0, 180)
##$RECO_rotate=( 2, 1 )
0.5 0.5
##$RECO_ppc_mode=NO_PPC
##$RECO_ref_image=0
##$RECO_nr_supports=0.4
##$RECO_sig_threshold=0.15
##$RECO_ppc_degree=1
##$RECO_ppc_coeffs=( 1, 2, 2 )
0 0 0 0
##$RECO_dc_elim=Yes
##$RECO_transposition=( 1 )
0
$$ @vis= RECO_wdw_mode RECO_ft_mode RECO_pc_mode RECO_pc_lin RECO_rotate
##$RECO_image_type=MAGNITUDE_IMAGE
##$RECO_image_threshold=0.15
##$RECO_ir_scale=10
##$RECO_wordtype=_16BIT_SGN_INT
##$RECO_map_mode=ABSOLUTE_MAPPING
##$RECO_map_range=( 2 )
-2147483647 2147483647
##$RECO_map_percentile=( 2 )
1 99.9
##$RECO_map_error=0.025
##$RECO_globex=( 35 )
0 0 0 0 0 0 0 0 0 0 0 0 0 0 0 0 0 0 0 0 0 0 0 0 0 0 0 0 0 0 0 0 0 0 0
##$RECO_minima=( 35 )
78.2583846180533 63.0540514727916 111.077637197412 88.5754783184895 
81.5688277769818 41.6632864138226 69.8998210771735 121.117391009622 
129.702938470445 32.1859509726933 50.160195590349 14.1549774546893 
40.5462874928324 54.6201134566635 70.6852284904564 60.5501654773123 
92.7793459066716 144.468448108944 131.797495222739 63.143932811893 
99.8892837839002 17.2894278731834 118.117025672841 165.202325216724 
59.4991442870596 116.291825188336 77.1308352021504 105.354035149635 
125.774707337463 98.5731337115573 35.5031507538104 234.077314833015 
139.055321703991 76.5899990548211 97.9576250481021
##$RECO_maxima=( 35 )
28383.2913697211 27583.7828053898 27097.7859525049 32073.126394428 
27996.7883932155 26976.010886844 27957.5613548059 32766.5 28614.1529717625 
26851.0531171066 24123.4269710905 26675.6043213844 21908.5487784036 
24319.4888791136 25089.237404079 26593.0536624006 31068.7437378004 
27197.8684112992 28259.3444835398 27772.3797906051 26064.2837802843 
27451.65111805 28926.4651238881 25483.6451138337 28948.7594276826 
27830.4812102154 24984.5722995035 19962.6455525387 13308.6726024794 
11216.7741162106 13883.0061863436 23344.3146302719 26685.5589318549 
30080.6063363438 28315.5090217491
##$RECO_map_min=( 35 )
-86.2153525706418 -86.2153525706418 -86.2153525706418 -86.2153525706418 
-86.2153525706418 -86.2153525706418 -86.2153525706418 -86.2153525706418 
-86.2153525706418 -86.2153525706418 -86.2153525706418 -86.2153525706418 
-86.2153525706418 -86.2153525706418 -86.2153525706418 -86.2153525706418 
-86.2153525706418 -86.2153525706418 -86.2153525706418 -86.2153525706418 
-86.2153525706418 -86.2153525706418 -86.2153525706418 -86.2153525706418 
-86.2153525706418 -86.2153525706418 -86.2153525706418 -86.2153525706418 
-86.2153525706418 -86.2153525706418 -86.2153525706418 -86.2153525706418 
-86.2153525706418 -86.2153525706418 -86.2153525706418
##$RECO_map_max=( 35 )
86.2153525706418 86.2153525706418 86.2153525706418 86.2153525706418 
86.2153525706418 86.2153525706418 86.2153525706418 86.2153525706418 
86.2153525706418 86.2153525706418 86.2153525706418 86.2153525706418 
86.2153525706418 86.2153525706418 86.2153525706418 86.2153525706418 
86.2153525706418 86.2153525706418 86.2153525706418 86.2153525706418 
86.2153525706418 86.2153525706418 86.2153525706418 86.2153525706418 
86.2153525706418 86.2153525706418 86.2153525706418 86.2153525706418 
86.2153525706418 86.2153525706418 86.2153525706418 86.2153525706418 
86.2153525706418 86.2153525706418 86.2153525706418
##$RECO_map_offset=( 35 )
0 0 0 0 0 0 0 0 0 0 0 0 0 0 0 0 0 0 0 0 0 0 0 0 0 0 0 0 0 0 0 0 0 0 0
##$RECO_map_slope=( 35 )
380.054120559935 380.054120559935 380.054120559935 380.054120559935 
380.054120559935 380.054120559935 380.054120559935 380.054120559935 
380.054120559935 380.054120559935 380.054120559935 380.054120559935 
380.054120559935 380.054120559935 380.054120559935 380.054120559935 
380.054120559935 380.054120559935 380.054120559935 380.054120559935 
380.054120559935 380.054120559935 380.054120559935 380.054120559935 
380.054120559935 380.054120559935 380.054120559935 380.054120559935 
380.054120559935 380.054120559935 380.054120559935 380.054120559935 
380.054120559935 380.054120559935 380.054120559935
##$RECO_byte_order=littleEndian
$$ @vis= RECO_transposition RECO_image_type RECO_wordtype RECO_map_mode
##$RECO_time=<2019-05-28T11:57:10,320+0200>
##$RECO_abs_time=(1559037430, 320, 120)
##$RECO_base_image_uid=( 65 )
<2.16.756.5.5.100.8323328.62092.1559037430.1>
##$RecoUserUpdate=Yes
##$RecoReverseSegment=0
##$RecoB0DemodOff=0
##$RecoB0DemodDelay=0
##$RecoFTOrder=( 2 )
0 1
##$RecoHalfFT=( 2 )
No No
$$ @vis= RECO_byte_order RecoUserUpdate RecoB0DemodOff RecoWindow RecoFTOrder
##$RecoHalfFTPos=( 2 )
16 16
##$RecoCorrPhase=RecoCorrPhaseOff
##$RecoCorrPhaseRef=-1
##$RECO_map_user_slope=1
##$RECO_map_user_offset=0
##$RecoNumInputChan=1
$$ @vis= RecoHalfFT RecoHalfFTPos RecoCorrPhase RecoCorrPhaseRef RecoMap
##$RecoScaleChan=( 1 )
1
##$RecoPhaseChan=( 1 )
0
##$RecoCombineMode=SumOfSquares
##$RecoSortDim=1
$$ @vis= RecoNumInputChan RecoScaleChan RecoPhaseChan RecoCombineMode
##$RecoSortSize=( 1 )
32
##$RecoSortRange=( 1 )
32
##$RecoSortSegment=( 1 )
0
##$RecoSortMaps=( 32 )
16 15 17 14 18 13 19 12 20 11 21 10 22 9 23 8 24 7 25 6 26 5 27 4 28 3 29 2 
30 1 31 0
$$ @vis= RecoSortDim RecoSortSize RecoSortRange RecoSortSegment RecoSortMaps
##$RecoGrappaAccelFactor=1
##$RecoGrappaKernelRead=0
##$RecoGrappaKernelPhase=0
##$RecoGrappaNumRefRead=0
##$RecoGrappaNumRefPhase=0
##$RecoGrappaIncludeRefLines=Yes
##$RecoGrappaReadCenter=0
##$RecoGrappaPhaseCenter=0
##$RecoGrappaTruncThresh=-1
##$RecoRegridN=Off
$$ @vis= RecoSortGroup RecoGrappaAccelFactor RecoGrappaGroup RecoRegridN
##$RecoStageNrPasses=4
##$RecoStagePasses=( 4 )
(<FIRSTPASS>, 0) (<FTPASS1>, 1) (<PREPPASS>, 2) (<MAPPASS>, 3)
##$RecoStageNrNodes=23
##$RecoStageNodes=( 23 )
(<input>, 0, <RecoFileSource 
Q{numChan=1;byteOrder=\<BYTORDA\>;contData=false;initFromACQP=true;}>) 
(<input>, 0, <RecoQueueSink S{initQueue=true;initOnce=true;}>) (<compute>, 0, 
<RecoQueueSource Q0{initFromACQP=true;initOnce=true;}>) (<compute>, 0, 
<RecoBufferSink S0{procDim=1;frameDim=2;bufferId="FIRSTPASS0";memId="out0"}>) 
(<compute>, 0, <RecoCastFilter CAST0{dataRep=FLOAT; wordSize=8}>) (<compute>, 
0, <RecoFTShiftFilter FTS0{frameDim=2; winDirection=0; 
shift=\<RECO_rotate[0]\>; exponent=1}>) (<compute>, 0, <RecoFTFilter 
FT0{direction=0; exponent=1}>) (<compute>, 0, <RecoSortFilter 
REORD0{sortDim=\<RecoSortDim\>; sortSize=\<RecoSortSize\>; 
sortRange=\<RecoSortRange\>; sortSegment=\<RecoSortSegment\>; 
sortMaps=\<RecoSortMaps\>; frameDim = 2}>) (<compute>, 1, <RecoBufferSource 
Q0{procDim=1;frameDim=2;bufferId="FIRSTPASS0";memId="out0"}>) (<compute>, 1, 
<RecoBufferSink S0{procDim=1;frameDim=2;bufferId="FTPASS10";memId="in0"}>) 
(<compute>, 1, <RecoFTShiftFilter FTS0{frameDim=2; winDirection=1; 
shift=\<RECO_rotate[1]\>; exponent=1}>) (<compute>, 1, <RecoFTFilter 
FT0{direction=1;exponent=1;}>) (<compute>, 2, <RecoBufferSource 
Q0{procDim=2;frameDim=2;bufferId="FTPASS10";memId="in0"}>) (<compute>, 2, 
<RecoBufferSink S0{procDim=2;frameDim=2;bufferId="PREPPASS0";memId="out0"}>) 
(<compute>, 2, <RecoMagnitudeFilter G0>) (<compute>, 2, <RecoMinMaxFilter 
M0{map_min=\<RECO_map_min\>;map_max=\<RECO_map_max\>;}>) (<compute>, 3, 
<RecoBufferSource Q0{procDim=2;frameDim=2;bufferId="PREPPASS0";memId="out0"}>)
 (<compute>, 3, <RecoQueueSink S0>) (<compute>, 3, <RecoMapFilter 
MAP0{symmetricMode=true;minima=\<RECO_minima\>;maxima=\<RECO_maxima\>;slope=\<RECO_map_slope\>;offset=\<RECO_map_offset\>;map_min=\<RECO_map_min\>;map_max=\<RECO_map_max\>;rangeMin=-32766.500000;rangeMax=32766.500000;perObjectMode=false;cutoffMode=true;}>) (<compute>, 3, <RecoCastFilter CAST0{dataRep=SIGNED;wordSize=2}>) (<output>, 3, <RecoQueueSource Q{procDim=2;initFromRECO=true;initOnce=true;}>) (<output>, 3, <RecoImageDisplayFilter DISP{showAll=true;}>) (<output>, 3, <RecoFileSink S{writePars=true;shuffle=false;filename="2dseq";numChans=1;}>)
$$ @vis= RecoRegridNGroup RecoStageNrPasses RecoStagePasses RecoStageNrNodes
##$RecoStageNrEdges=17
##$RecoStageEdges=( 17 )
(<input>, 0, <Q-\>S>) (<compute>, 0, <Q0-\>CAST0>) (<compute>, 0, 
<CAST0-\>FTS0>) (<compute>, 0, <FTS0-\>FT0>) (<compute>, 0, <FT0-\>REORD0>) 
(<compute>, 0, <REORD0-\>S0>) (<compute>, 1, <Q0-\>FTS0>) (<compute>, 1, 
<FTS0-\>FT0>) (<compute>, 1, <FT0-\>S0>) (<compute>, 2, <Q0-\>G0>) (<compute>,
 2, <G0-\>M0>) (<compute>, 2, <M0-\>S0>) (<compute>, 3, <Q0-\>MAP0>) 
(<compute>, 3, <MAP0-\>CAST0>) (<compute>, 3, <CAST0-\>S0>) (<output>, 3, 
<Q-\>DISP>) (<output>, 3, <DISP-\>S>)
$$ @vis= RecoStageNodes RecoStageNrEdges RecoStageEdges RecoStageGroup
##$GS_reco_display=Yes
##$GO_reco_display=Yes
##$GO_reco_each_nr=No
##$GO_max_reco_mem=0
$$ @vis= RecoModeUser GS_reco_display RECO_GS GO_reco_display GO_reco_each_nr
##$RecoPrototype=No
$$ @vis= GO_max_reco_mem RECO_GO RecoPrototype RECO
##END=
$$ File finished by PARX at 2019-05-28 11:57:10.324 +0200
